GEM
  remote: http://rubygems.org/
  specs:
    activemodel (3.2.11)
      activesupport (= 3.2.11)
      builder (~> 3.0.0)
    activesupport (3.2.11)
      i18n (~> 0.6)
      multi_json (~> 1.0)
    backports (2.6.7)
    bson (1.3.1)
    bson_ext (1.3.1)
    builder (3.0.4)
    daemons (1.1.9)
    descendants_tracker (0.0.1)
    diff-lcs (1.1.3)
    eventmachine (1.0.0)
    grape (0.2.6)
      activesupport
      builder
      hashie (~> 1.2)
      multi_json (>= 1.3.2)
      multi_xml (>= 0.5.2)
      rack
      rack-accept
      rack-mount
      virtus
    grape-swagger (0.3.0)
      grape (~> 0.2.0)
      kramdown
    hashie (1.2.0)
    i18n (0.6.1)
    json (1.7.6)
    kramdown (0.14.2)
    mongo (1.3.1)
      bson (>= 1.3.1)
    mongoid (2.4.12)
      activemodel (~> 3.1)
      mongo (<= 1.6.2)
      tzinfo (~> 0.3.22)
    mongoid_slug (0.9.0)
      mongoid (~> 2.0)
      stringex (~> 1.3)
    multi_json (1.5.0)
    multi_xml (0.5.2)
    rack (1.4.4)
    rack-accept (0.4.5)
      rack (>= 0.4)
    rack-mount (0.8.3)
      rack (>= 1.0.0)
    rack-timeout (0.0.3)
    rspec (2.12.0)
      rspec-core (~> 2.12.0)
      rspec-expectations (~> 2.12.0)
      rspec-mocks (~> 2.12.0)
    rspec-core (2.12.2)
    rspec-expectations (2.12.1)
      diff-lcs (~> 1.1.3)
    rspec-mocks (2.12.1)
    shotgun (0.9)
      rack (>= 1.0)
    simplecov (0.7.1)
      multi_json (~> 1.0)
      simplecov-html (~> 0.7.1)
    simplecov-html (0.7.1)
    spork (0.9.2)
    stringex (1.5.1)
    thin (1.5.0)
      daemons (>= 1.0.9)
      eventmachine (>= 0.12.6)
      rack (>= 1.0.0)
    tzinfo (0.3.35)
    virtus (0.5.4)
      backports (~> 2.6.1)
      descendants_tracker (~> 0.0.1)
    watchr (0.7)

PLATFORMS
  ruby

DEPENDENCIES
  bson (= 1.3.1)
  bson_ext (= 1.3.1)
  grape (= 0.2.6)
  grape-swagger (= 0.3.0)
  json (= 1.7.6)
  mongo (= 1.3.1)
  mongoid (= 2.4.12)
  mongoid_slug (= 0.9.0)
  rack (= 1.4.4)
  rack-timeout (= 0.0.3)
  rspec
  shotgun (= 0.9)
  simplecov
  spork
  thin (= 1.5.0)
  watchr
